GEM
  remote: https://rubygems.org/
  specs:
    amq-protocol (2.3.0)
    bunny (2.14.2)
      amq-protocol (~> 2.3, >= 2.3.0)
    irb (1.0.0)
    power_assert (1.1.3)
    serialport (1.3.1)
    test-unit (3.2.9)
      power_assert

PLATFORMS
  ruby

DEPENDENCIES
  bunny
  irb
  serialport
  test-unit

BUNDLED WITH
   2.0.1
