GEM
  remote: https://rubygems.org/
  specs:
    power_assert (1.1.3)
    serialport (1.3.1)
    test-unit (3.2.9)
      power_assert

PLATFORMS
  ruby

DEPENDENCIES
  serialport
  test-unit

BUNDLED WITH
   2.0.1
